GEM
  remote: https://rubygems.org/
  specs:
    json (1.8.3)
    mail (2.6.3)
      mime-types (>= 1.16, < 3)
    mime-types (2.99)
    newrelic_rpm (3.14.1.311)
    pony (1.11)
      mail (>= 2.0)
    rack (1.6.4)
    rack-protection (1.5.3)
      rack
    sinatra (1.4.7)
      rack (~> 1.5)
      rack-protection (~> 1.4)
      tilt (>= 1.3, < 3)
    sinatra-cross_origin (0.3.2)
    tilt (2.0.2)

PLATFORMS
  ruby

DEPENDENCIES
  json
  newrelic_rpm
  pony
  sinatra
  sinatra-cross_origin

BUNDLED WITH
   1.10.6
